GEM
  remote: https://rubygems.org/
  specs:
    mini_portile2 (2.0.0)
    net-ssh (3.0.2)
    nokogiri (1.6.7.2)
      mini_portile2 (~> 2.0.0.rc2)
    thor (0.19.1)

PLATFORMS
  ruby

DEPENDENCIES
  net-ssh
  nokogiri
  thor

BUNDLED WITH
   1.11.2
